GEM
  remote: https://rubygems.org/
  specs:
    bigdecimal (3.1.9)
    google-protobuf (4.29.3-x86_64-linux)
      bigdecimal
      rake (>= 13)
    googleapis-common-protos-types (1.18.0)
      google-protobuf (>= 3.18, < 5.a)
    opentelemetry-api (1.4.0)
    opentelemetry-common (0.21.0)
      opentelemetry-api (~> 1.0)
    opentelemetry-exporter-otlp-logs (0.1.0)
      google-protobuf (>= 3.18)
      googleapis-common-protos-types (~> 1.3)
      opentelemetry-api (~> 1.1)
      opentelemetry-common (~> 0.20)
      opentelemetry-logs-api (~> 0.1)
      opentelemetry-logs-sdk (~> 0.1)
      opentelemetry-sdk
      opentelemetry-semantic_conventions
    opentelemetry-exporter-otlp-metrics (0.3.0)
      google-protobuf (>= 3.18, < 5.0)
      googleapis-common-protos-types (~> 1.3)
      opentelemetry-api (~> 1.1)
      opentelemetry-common (~> 0.20)
      opentelemetry-metrics-api (~> 0.2)
      opentelemetry-metrics-sdk (~> 0.5)
      opentelemetry-sdk (~> 1.2)
      opentelemetry-semantic_conventions
    opentelemetry-logs-api (0.1.0)
      opentelemetry-api (~> 1.0)
    opentelemetry-logs-sdk (0.1.0)
      opentelemetry-api (~> 1.2)
      opentelemetry-logs-api (~> 0.1)
      opentelemetry-sdk (~> 1.3)
    opentelemetry-metrics-api (0.2.0)
      opentelemetry-api (~> 1.0)
    opentelemetry-metrics-sdk (0.5.0)
      opentelemetry-api (~> 1.1)
      opentelemetry-metrics-api (~> 0.2)
      opentelemetry-sdk (~> 1.2)
    opentelemetry-registry (0.3.1)
      opentelemetry-api (~> 1.1)
    opentelemetry-sdk (1.7.0)
      opentelemetry-api (~> 1.1)
      opentelemetry-common (~> 0.20)
      opentelemetry-registry (~> 0.2)
      opentelemetry-semantic_conventions
    opentelemetry-semantic_conventions (1.10.1)
      opentelemetry-api (~> 1.0)
    rake (13.2.1)

PLATFORMS
  x86_64-linux-gnu

DEPENDENCIES
  opentelemetry-exporter-otlp-logs (~> 0.1)
  opentelemetry-exporter-otlp-metrics (~> 0.1)
  opentelemetry-logs-api (~> 0.1)
  opentelemetry-logs-sdk (~> 0.1)
  opentelemetry-metrics-api (~> 0.1)
  opentelemetry-metrics-sdk (~> 0.1)
  opentelemetry-sdk

BUNDLED WITH
   2.4.20
